GEM
  remote: https://rubygems.org/
  specs:
    gosu (0.7.47.1)
    hasu (0.0.4)

PLATFORMS
  ruby

DEPENDENCIES
  gosu
  hasu
